GEM
  remote: https://rubygems.org/
  specs:
    minitest (2.6.2)
    rack (1.5.2)
    rack-test (0.6.2)
      rack (>= 1.0)
    rake (10.0.3)

PLATFORMS
  ruby

DEPENDENCIES
  minitest (~> 2.6.0)
  rack-test
  rake
